GEM
  remote: https://rubygems.org/
  specs:
    cloud_events (0.1.2)
    diff-lcs (1.4.4)
    dotenv (2.7.6)
    functions_framework (0.7.0)
      cloud_events (~> 0.1)
      puma (~> 4.3)
      rack (~> 2.1)
    nio4r (2.5.4)
    puma (4.3.7)
      nio4r (~> 2.0)
    rack (2.2.3)
    rake (13.0.3)
    rspec (3.10.0)
      rspec-core (~> 3.10.0)
      rspec-expectations (~> 3.10.0)
      rspec-mocks (~> 3.10.0)
    rspec-core (3.10.1)
      rspec-support (~> 3.10.0)
    rspec-expectations (3.10.1)
      diff-lcs (>= 1.2.0, < 2.0)
      rspec-support (~> 3.10.0)
    rspec-mocks (3.10.1)
      diff-lcs (>= 1.2.0, < 2.0)
      rspec-support (~> 3.10.0)
    rspec-support (3.10.1)

PLATFORMS
  ruby

DEPENDENCIES
  dotenv (~> 2.7)
  functions_framework (~> 0.7)
  rake (~> 13.0)
  rspec (~> 3.10)

BUNDLED WITH
   2.1.4
